PATH
  remote: .
  specs:
    pay_dirt (0.0.4)

GEM
  remote: http://rubygems.org/
  specs:
    coderay (1.0.9)
    method_source (0.8.1)
    minitest (4.7.3)
    pry (0.9.12.1)
      coderay (~> 1.0.5)
      method_source (~> 0.8)
      slop (~> 3.4)
    rake (10.0.4)
    slop (3.4.4)

PLATFORMS
  ruby

DEPENDENCIES
  minitest
  pay_dirt!
  pry
  rake
